PATH
  remote: .
  specs:
    rvista (0.6.7)
      andand
      chronic
      fastercsv (~> 1.5.0)

GEM
  remote: http://rubygems.org/
  specs:
    andand (1.3.1)
    chronic (0.3.0)
    diff-lcs (1.1.2)
    fastercsv (1.5.3)
    rake (0.8.7)
    rspec (2.1.0)
      rspec-core (~> 2.1.0)
      rspec-expectations (~> 2.1.0)
      rspec-mocks (~> 2.1.0)
    rspec-core (2.1.0)
    rspec-expectations (2.1.0)
      diff-lcs (~> 1.1.2)
    rspec-mocks (2.1.0)

PLATFORMS
  ruby

DEPENDENCIES
  andand
  chronic
  fastercsv (~> 1.5.0)
  rake
  rspec (~> 2.1.0)
  rvista!
