PATH
  remote: .
  specs:
    rvista (0.6.7)
      andand
      chronic

GEM
  remote: http://rubygems.org/
  specs:
    andand (1.3.1)
    chronic (0.6.6)
    diff-lcs (1.1.3)
    rake (0.9.2.2)
    rspec (2.7.0)
      rspec-core (~> 2.7.0)
      rspec-expectations (~> 2.7.0)
      rspec-mocks (~> 2.7.0)
    rspec-core (2.7.1)
    rspec-expectations (2.7.0)
      diff-lcs (~> 1.1.2)
    rspec-mocks (2.7.0)

PLATFORMS
  ruby

DEPENDENCIES
  rake
  rspec (~> 2.1)
  rvista!
